GEM
  remote: http://rubygems.org/
  specs:
    allison (2.0.3)
    daemons (1.1.4)
    echoe (4.6.1)
      allison (>= 2.0.3)
      gemcutter (>= 0.7.0)
      rake (>= 0.9.2)
      rdoc (>= 3.6.1)
      rubyforge (>= 2.0.4)
    eventmachine (0.12.10)
    gemcutter (0.7.0)
    json_pure (1.6.1)
    rack (2.2.3)
    rake (0.9.2)
    rdoc (3.9.4)
    rubyforge (2.0.4)
      json_pure (>= 1.1.7)
    thin (1.2.11)
      daemons (>= 1.0.9)
      eventmachine (>= 0.12.6)
      rack (>= 1.0.0)

PLATFORMS
  ruby

DEPENDENCIES
  echoe
  rdoc
  thin
