GEM
  remote: http://rubygems.org/
  specs:
    daemons (1.1.4)
    eventmachine (0.12.10)
    guard (0.6.3)
      thor (~> 0.14.6)
    rack (1.3.3)
    rb-fsevent (0.4.3.1)
    rdoc (3.9.4)
    thin (1.2.11)
      daemons (>= 1.0.9)
      eventmachine (>= 0.12.6)
      rack (>= 1.0.0)
    thor (0.14.6)

PLATFORMS
  ruby

DEPENDENCIES
  guard
  rb-fsevent
  rdoc
  thin
